GEM
  remote: http://rubygems.org/
  specs:
    POpen4 (0.1.4)
      Platform (>= 0.4.0)
      open4
    Platform (0.4.0)
    albino (1.3.3)
      posix-spawn (>= 0.3.6)
    capistrano (2.13.5)
      highline
      net-scp (>= 1.0.0)
      net-sftp (>= 2.0.0)
      net-ssh (>= 2.0.14)
      net-ssh-gateway (>= 1.1.0)
    chunky_png (1.2.6)
    classifier (1.3.3)
      fast-stemmer (>= 1.0.0)
    coffee-script (2.2.0)
      coffee-script-source
      execjs
    coffee-script-source (1.4.0)
    compass (0.12.2)
      chunky_png (~> 1.2)
      fssm (>= 0.2.7)
      sass (~> 3.1)
    directory_watcher (1.4.1)
    execjs (1.4.0)
      multi_json (~> 1.0)
    fast-stemmer (1.0.1)
    foreman (0.60.2)
      thor (>= 0.13.6)
    fssm (0.2.9)
    haml (3.1.7)
    highline (1.6.15)
    jekyll (0.11.2)
      albino (~> 1.3)
      classifier (~> 1.3)
      directory_watcher (~> 1.1)
      kramdown (~> 0.13)
      liquid (~> 2.3)
      maruku (~> 0.5)
    kramdown (0.14.1)
    liquid (2.4.1)
    maruku (0.6.1)
      syntax (>= 1.0.0)
    multi_json (1.4.0)
    net-scp (1.0.4)
      net-ssh (>= 1.99.1)
    net-sftp (2.0.5)
      net-ssh (>= 2.0.9)
    net-ssh (2.6.2)
    net-ssh-gateway (1.1.0)
      net-ssh (>= 1.99.1)
    open4 (1.3.0)
    posix-spawn (0.3.6)
    rake (10.0.2)
    rb-fsevent (0.9.2)
    rdiscount (1.6.8)
    sass (3.2.3)
    syntax (1.0.0)
    thor (0.16.0)
    yui-compressor (0.9.6)
      POpen4 (>= 0.1.4)

PLATFORMS
  ruby

DEPENDENCIES
  capistrano
  coffee-script
  compass
  foreman
  haml
  jekyll
  rake
  rb-fsevent
  rdiscount
  yui-compressor
